GEM
  remote: https://rubygems.org/
  specs:
    rake (10.1.0)
    rubyzip (1.0.0)

PLATFORMS
  ruby

DEPENDENCIES
  rake
  rubyzip
