GEM
  remote: https://rubygems.org/
  specs:
    rake (10.4.2)
    rubyzip (1.1.7)

PLATFORMS
  ruby

DEPENDENCIES
  rake
  rubyzip

BUNDLED WITH
   1.10.6
