GEM
  remote: https://rubygems.org/
  specs:
    rake (10.1.0)
    rubyzip (0.9.9)

PLATFORMS
  ruby

DEPENDENCIES
  rake (= 10.1.0)
  rubyzip
