GEM
  remote: https://rubygems.org/
  specs:
    rake (10.1.0)
    rubyzip (1.1.7)

PLATFORMS
  ruby

DEPENDENCIES
  rake (= 10.1.0)
  rubyzip

BUNDLED WITH
   1.10.6
